GEM
  remote: https://rubygems.org/
  specs:
    cpf_utils (1.3.1)

PLATFORMS
  x64-mingw-ucrt

DEPENDENCIES
  cpf_utils

BUNDLED WITH
   2.5.5
